{
	"ConversionSoftware": "dicm2nii.m 20200120",
	"SeriesNumber": 14,
	"SeriesDescription": "mprage_MGH_p2",
	"ImageType": ["ORIGINAL", "PRIMARY", "M", "ND", "NORM"],
	"Modality": "MR",
	"RepetitionTime": 2.5,
	"PhaseEncodingDirection": "j-",
	"EchoTime": 0.00341,
	"InversionTime": 1.1,
	"SliceThickness": 1,
	"FlipAngle": 7,
	"Manufacturer": "SIEMENS",
	"SoftwareVersion": "syngo MR D13C",
	"MRAcquisitionType": "3D",
	"InstitutionName": "Lewis Building",
	"InstitutionAddress": "Franklin Blvd 1440,Eugene,District,US,97403",
	"DeviceSerialNumber": "45348",
	"ScanningSequence": "GR\\IR",
	"SequenceVariant": "SK\\SP\\MP",
	"ScanOptions": "IR",
	"SequenceName": "*tfl3d1_16ns"
}
