{
	"ConversionSoftware": "dicm2nii.m 20200120",
	"SeriesNumber": 8,
	"SeriesDescription": "gre_field_mapping",
	"ImageType": ["ORIGINAL", "PRIMARY", "P", "ND"],
	"Modality": "MR",
	"TotalReadoutTime": 0.1084608,
	"RepetitionTime": 0.4,
	"PhaseEncodingDirection": "j-",
	"EffectiveEchoSpacing": 0.0017216,
	"EchoTime": 0.00738,
	"deltaTE": 2.46,
	"SliceThickness": 4,
	"FlipAngle": 60,
	"Manufacturer": "SIEMENS",
	"SoftwareVersion": "syngo MR D13C",
	"MRAcquisitionType": "2D",
	"InstitutionName": "Lewis Building",
	"InstitutionAddress": "Franklin Blvd 1440,Eugene,District,US,97403",
	"DeviceSerialNumber": "45348",
	"ScanningSequence": "GR",
	"SequenceVariant": "SP",
	"SequenceName": "*fm2d2r"
}
