{
	"ConversionSoftware": "dicm2nii.m 20200120",
	"SeriesNumber": 10,
	"SeriesDescription": "ep2d_affect_1",
	"ImageType": ["ORIGINAL", "PRIMARY", "M", "ND", "NORM", "MOSAIC"],
	"Modality": "MR",
	"TotalReadoutTime": 0.017964687,
	"SliceTiming": [
		0.99,
		0,
		1.0525,
		0.0625,
		1.115,
		0.125,
		1.175,
		0.185,
		1.2375,
		0.2475,
		1.3,
		0.31,
		1.3625,
		0.3725,
		1.4225,
		0.4325,
		1.485,
		0.495,
		1.5475,
		0.5575,
		1.61,
		0.62,
		1.67,
		0.68,
		1.7325,
		0.7425,
		1.795,
		0.805,
		1.8575,
		0.8675,
		1.9175,
		0.9275	],
	"RepetitionTime": 2,
	"PhaseEncodingDirection": "j-",
	"EffectiveEchoSpacing": 0.00028515375,
	"EchoTime": 0.03,
	"SliceThickness": 4,
	"FlipAngle": 90,
	"Manufacturer": "SIEMENS",
	"SoftwareVersion": "syngo MR D13C",
	"MRAcquisitionType": "2D",
	"InstitutionName": "Lewis Building",
	"InstitutionAddress": "Franklin Blvd 1440,Eugene,District,US,97403",
	"DeviceSerialNumber": "45348",
	"ScanningSequence": "EP",
	"SequenceVariant": "SK\\OSP",
	"ScanOptions": "FS",
	"SequenceName": "*epfid2d1_64"
}
