{
	"ConversionSoftware": "dicm2nii.m 20200120",
	"SeriesNumber": 7,
	"SeriesDescription": "ep2d_infant_1",
	"ImageType": ["ORIGINAL", "PRIMARY", "M", "ND", "NORM", "MOSAIC"],
	"Modality": "MR",
	"VolumeTiming": [
		0,
		1.9999992,
		3.9999984,
		5.9999976,
		7.9999968,
		9.9999961,
		11.999995,
		13.999994,
		15.999994,
		17.999993,
		19.999992,
		21.999991,
		23.999991,
		26,
		27.999999,
		29.999998,
		31.999997,
		33.999997,
		35.999996,
		37.999995,
		39.999994,
		41.999993,
		43.999993,
		45.999992,
		47.999991,
		49.99999,
		52,
		53.999999,
		55.999998,
		57.999997,
		59.999996,
		61.999996,
		63.999995,
		65.999994,
		67.999993,
		69.999992,
		71.999992,
		73.999991,
		75.99999,
		77.999999,
		81.999998,
		83.999997,
		85.999996,
		87.999995,
		89.999995,
		91.999994,
		93.999993,
		95.999992,
		97.999991,
		99.999991,
		101.99999,
		104,
		106,
		108,
		110,
		112,
		114,
		115.99999,
		117.99999,
		119.99999,
		121.99999,
		123.99999,
		125.99999,
		128,
		130,
		132,
		134,
		136,
		138,
		140,
		141.99999,
		143.99999,
		145.99999,
		147.99999,
		149.99999,
		151.99999,
		154,
		156,
		158,
		160,
		162,
		164,
		165.99999,
		167.99999,
		169.99999,
		171.99999,
		173.99999,
		175.99999,
		178,
		180,
		182,
		184,
		186,
		188,
		190,
		191.99999,
		193.99999,
		195.99999,
		197.99999,
		199.99999,
		201.99999,
		204,
		206,
		208,
		210,
		212,
		214,
		216,
		217.99999,
		219.99999,
		221.99999,
		223.99999,
		225.99999,
		227.99999,
		230,
		232,
		234,
		236,
		238,
		240,
		241.99999,
		243.99999,
		245.99999,
		247.99999,
		249.99999,
		251.99999,
		253.99999,
		256,
		258,
		260,
		262,
		264,
		266,
		267.99999,
		269.99999,
		271.99999,
		273.99999,
		276.00199,
		278.00199,
		280.00199,
		282.00199,
		284.002,
		286.002,
		288.002,
		290.002,
		292.002,
		294.002,
		296.002,
		298.00199,
		300.00199,
		302.00199,
		304.00199,
		306.00199,
		308.00199,
		310.002,
		312.002,
		314.002,
		316.002,
		318.002,
		320.002,
		322.002,
		324.00199,
		326.00199,
		328.00199,
		330.00199,
		332.00199,
		334.00199,
		336.002,
		338.002,
		340.002,
		342.002,
		344.002,
		346.002,
		348.00199,
		350.00199,
		352.00199,
		354.00199,
		356.00199,
		358.00199,
		360.00199,
		362.002,
		364.002,
		366.002,
		368.002,
		370.002,
		372.002,
		374.00199,
		376.00199,
		378.00199,
		380.00199,
		382.00199,
		384.00199,
		386.00199,
		388.002,
		390.002,
		392.002,
		394.002,
		396.002,
		398.002,
		400.00199,
		402.00199,
		404.00199,
		406.00199,
		408.00199,
		410.00199,
		412.002,
		414.002,
		416.002,
		418.002,
		420.002,
		422.002,
		424.002,
		426.00199,
		428.00199,
		430.00199,
		432.00199,
		434.00199,
		436.00199,
		438.002,
		440.002,
		442.002,
		444.002,
		446.002,
		448.002,
		450.00199,
		452.00199,
		454.00199,
		456.00199,
		458.00199,
		460.00199	],
	"TotalReadoutTime": 0.017964687,
	"SliceTiming": [
		0.99,
		0,
		1.0525,
		0.0625,
		1.1125,
		0.1225,
		1.175,
		0.185,
		1.2375,
		0.2475,
		1.3,
		0.31,
		1.36,
		0.37,
		1.4225,
		0.4325,
		1.485,
		0.495,
		1.5475,
		0.5575,
		1.6075,
		0.6175,
		1.67,
		0.68,
		1.7325,
		0.7425,
		1.795,
		0.805,
		1.855,
		0.865,
		1.9175,
		0.9275	],
	"RepetitionTime": 2,
	"PhaseEncodingDirection": "j-",
	"EffectiveEchoSpacing": 0.00028515375,
	"EchoTime": 0.03,
	"SliceThickness": 4,
	"FlipAngle": 90,
	"Manufacturer": "SIEMENS",
	"SoftwareVersion": "syngo MR D13C",
	"MRAcquisitionType": "2D",
	"InstitutionName": "Lewis Building",
	"InstitutionAddress": "Franklin Blvd 1440,Eugene,District,US,97403",
	"DeviceSerialNumber": "45348",
	"ScanningSequence": "EP",
	"SequenceVariant": "SK\\OSP",
	"ScanOptions": "FS",
	"SequenceName": "*epfid2d1_64"
}
