{
	"ConversionSoftware": "dicm2nii.m 20200120",
	"SeriesNumber": 10,
	"SeriesDescription": "ep2d_affect_1",
	"ImageType": ["ORIGINAL", "PRIMARY", "M", "ND", "NORM", "MOSAIC"],
	"Modality": "MR",
	"TotalReadoutTime": 0.017964687,
	"SliceTiming": [
		0.9875,
		0,
		1.05,
		0.06,
		1.1125,
		0.1225,
		1.175,
		0.185,
		1.235,
		0.2475,
		1.2975,
		0.3075,
		1.36,
		0.37,
		1.4225,
		0.4325,
		1.4825,
		0.4925,
		1.545,
		0.555,
		1.6075,
		0.6175,
		1.67,
		0.68,
		1.73,
		0.74,
		1.7925,
		0.8025,
		1.855,
		0.865,
		1.9175,
		0.9275	],
	"RepetitionTime": 2,
	"PhaseEncodingDirection": "j-",
	"EffectiveEchoSpacing": 0.00028515375,
	"EchoTime": 0.03,
	"SliceThickness": 4,
	"FlipAngle": 90,
	"Manufacturer": "SIEMENS",
	"SoftwareVersion": "syngo MR D13C",
	"MRAcquisitionType": "2D",
	"InstitutionName": "University of Oregon",
	"InstitutionAddress": "Franklin Blvd 1440,Eugene,District,US,97403",
	"DeviceSerialNumber": "45348",
	"ScanningSequence": "EP",
	"SequenceVariant": "SK\\OSP",
	"ScanOptions": "FS",
	"SequenceName": "*epfid2d1_64"
}
